GEM
  remote: http://rubygems.org/
  specs:
    bluecloth (2.1.0)
    builder (2.1.2)
    crack (0.1.8)
    diff-lcs (1.1.2)
    git (1.2.5)
    gyoku (0.3.1)
      builder (>= 2.1.2)
    httpi (0.9.0)
      ntlm-http (>= 0.1.1)
      rack
    jeweler (1.5.2)
      bundler (~> 1.0.0)
      git (>= 1.2.5)
      rake
    ntlm-http (0.1.1)
    rack (1.2.1)
    rake (0.8.7)
    rcov (0.9.9)
    rspec (2.3.0)
      rspec-core (~> 2.3.0)
      rspec-expectations (~> 2.3.0)
      rspec-mocks (~> 2.3.0)
    rspec-core (2.3.1)
    rspec-expectations (2.3.0)
      diff-lcs (~> 1.1.2)
    rspec-mocks (2.3.0)
    savon (0.8.6)
      builder (>= 2.1.2)
      crack (~> 0.1.8)
      gyoku (>= 0.3.0)
      httpi (>= 0.7.8)
    yard (0.6.4)

PLATFORMS
  ruby

DEPENDENCIES
  bluecloth
  bundler (~> 1.0.0)
  jeweler (~> 1.5.2)
  rcov
  rspec (~> 2.3.0)
  savon
  yard (~> 0.6.0)
